GEM
  remote: https://rubygems.org/
  specs:
    irb (1.0.0)
    mocha (1.11.2)
    power_assert (1.1.3)
    test-unit (3.3.0)
      power_assert
    tomparse (0.4.2)
    yard (0.9.35)
    yard-tomdoc (0.7.1)
      tomparse (>= 0.4.0)
      yard

PLATFORMS
  ruby

DEPENDENCIES
  irb
  mocha (~> 1.11)
  test-unit
  yard (~> 0.9.35)
  yard-tomdoc (~> 0.7.1)

BUNDLED WITH
   2.1.4
